PATH
  remote: .
  specs:
    haml_assets (0.3.0)
      haml
      tilt (> 1.4.1)

GEM
  remote: http://rubygems.org/
  specs:
    diff-lcs (1.2.5)
    ejs (1.0.0)
    haml (5.0.2)
      temple (>= 0.8.0)
      tilt
    power_assert (0.2.6)
    rspec (2.13.0)
      rspec-core (~> 2.13.0)
      rspec-expectations (~> 2.13.0)
      rspec-mocks (~> 2.13.0)
    rspec-core (2.13.1)
    rspec-expectations (2.13.0)
      diff-lcs (>= 1.1.3, < 2.0)
    rspec-mocks (2.13.1)
    temple (0.8.0)
    test-unit (3.1.5)
      power_assert
    tilt (2.0.8)

PLATFORMS
  ruby

DEPENDENCIES
  ejs
  haml_assets!
  rspec (~> 2.13.0)
  test-unit (~> 3.1.5)

BUNDLED WITH
   1.15.4
