PATH
  remote: .
  specs:
    haml_assets (0.0.2)
      haml
      tilt

GEM
  remote: http://rubygems.org/
  specs:
    haml (3.1.2)
    tilt (1.3.3)

PLATFORMS
  ruby

DEPENDENCIES
  haml_assets!
